GEM
  remote: https://rubygems.org/
  specs:
    chunky_png (1.3.0)
    compass (1.0)
      chunky_png (~> 1.2)
      compass-core (~> 1.0.1)
      sass (>= 3.3.13, < 3.5)
    compass-core (1.0.1)
      multi_json (~> 1.0)
      sass (>= 3.3.0, < 3.5)
    fssm (0.2.10)
    multi_json (1.9.2)
    chunky_png (1.3.1)
    sass (3.4.9)

PLATFORMS
  ruby

DEPENDENCIES
  compass (~> 1.0)
  sass (~> 3.4.9)
